GIT
  remote: git://github.com/rawr/rawr.git
  revision: 9164e420e6802aafb52e30cab7f1f866e6334b18
  specs:
    rawr (1.6.4)

GEM
  remote: http://rubygems.org/
  specs:
    builder (3.0.0)
    hoe (3.0.7)
      rake (~> 0.8)
    rake (0.9.2.2)
    s4t-utils (1.0.4)
      hoe (>= 1.3.0)
    user-choices (1.1.6.1)
      builder (>= 2.1.2)
      s4t-utils (>= 1.0.3)
      xml-simple (>= 1.0.11)
    xml-simple (1.1.1)

PLATFORMS
  java
  ruby

DEPENDENCIES
  rake
  rawr (= 1.6.4)!
  user-choices
